GEM
  remote: https://rubygems.org/
  specs:
    actioncable (8.0.2)
      actionpack (= 8.0.2)
      activesupport (= 8.0.2)
      nio4r (~> 2.0)
      websocket-driver (>= 0.6.1)
      zeitwerk (~> 2.6)
    actionmailbox (8.0.2)
      actionpack (= 8.0.2)
      activejob (= 8.0.2)
      activerecord (= 8.0.2)
      activestorage (= 8.0.2)
      activesupport (= 8.0.2)
      mail (>= 2.8.0)
    actionmailer (8.0.2)
      actionpack (= 8.0.2)
      actionview (= 8.0.2)
      activejob (= 8.0.2)
      activesupport (= 8.0.2)
      mail (>= 2.8.0)
      rails-dom-testing (~> 2.2)
    actionpack (8.0.2)
      actionview (= 8.0.2)
      activesupport (= 8.0.2)
      nokogiri (>= 1.8.5)
      rack (>= 2.2.4)
      rack-session (>= 1.0.1)
      rack-test (>= 0.6.3)
      rails-dom-testing (~> 2.2)
      rails-html-sanitizer (~> 1.6)
      useragent (~> 0.16)
    actiontext (8.0.2)
      actionpack (= 8.0.2)
      activerecord (= 8.0.2)
      activestorage (= 8.0.2)
      activesupport (= 8.0.2)
      globalid (>= 0.6.0)
      nokogiri (>= 1.8.5)
    actionview (8.0.2)
      activesupport (= 8.0.2)
      builder (~> 3.1)
      erubi (~> 1.11)
      rails-dom-testing (~> 2.2)
      rails-html-sanitizer (~> 1.6)
    activejob (8.0.2)
      activesupport (= 8.0.2)
      globalid (>= 0.3.6)
    activemodel (8.0.2)
      activesupport (= 8.0.2)
    activerecord (8.0.2)
      activemodel (= 8.0.2)
      activesupport (= 8.0.2)
      timeout (>= 0.4.0)
    activestorage (8.0.2)
      actionpack (= 8.0.2)
      activejob (= 8.0.2)
      activerecord (= 8.0.2)
      activesupport (= 8.0.2)
      marcel (~> 1.0)
    activesupport (8.0.2)
      base64
      benchmark (>= 0.3)
      bigdecimal
      concurrent-ruby (~> 1.0, >= 1.3.1)
      connection_pool (>= 2.2.5)
      drb
      i18n (>= 1.6, < 2)
      logger (>= 1.4.2)
      minitest (>= 5.1)
      securerandom (>= 0.3)
      tzinfo (~> 2.0, >= 2.0.5)
      uri (>= 0.13.1)
    addressable (2.8.6)
      public_suffix (>= 2.0.2, < 6.0)
    annotaterb (4.14.0)
    ast (2.4.2)
    base64 (0.2.0)
    bcrypt (3.1.20)
    benchmark (0.4.0)
    bigdecimal (3.1.9)
    bootsnap (1.18.3)
      msgpack (~> 1.2)
    builder (3.3.0)
    capybara (3.40.0)
      addressable
      matrix
      mini_mime (>= 0.1.3)
      nokogiri (~> 1.11)
      rack (>= 1.6.0)
      rack-test (>= 0.6.3)
      regexp_parser (>= 1.5, < 3.0)
      xpath (~> 3.2)
    coderay (1.1.3)
    concurrent-ruby (1.3.5)
    connection_pool (2.5.1)
    crack (1.0.0)
      bigdecimal
      rexml
    crass (1.0.6)
    css_parser (1.21.1)
      addressable
    date (3.4.1)
    devise (4.9.4)
      bcrypt (~> 3.0)
      orm_adapter (~> 0.1)
      railties (>= 4.1.0)
      responders
      warden (~> 1.2.3)
    diff-lcs (1.5.1)
    dockerfile-rails (1.6.10)
      rails (>= 3.0.0)
    dotenv (3.1.0)
    dotenv-rails (3.1.0)
      dotenv (= 3.1.0)
      railties (>= 6.1)
    drb (2.2.1)
    erubi (1.13.1)
    factory_bot (6.4.6)
      activesupport (>= 5.0.0)
    factory_bot_rails (6.4.3)
      factory_bot (~> 6.4)
      railties (>= 5.0.0)
    faraday (2.9.0)
      faraday-net_http (>= 2.0, < 3.2)
    faraday-net_http (3.1.0)
      net-http
    fast_blank (1.0.1)
    ffi (1.16.3)
    flamegraph (0.9.5)
    foreman (0.88.1)
    formatador (1.1.0)
    globalid (1.2.1)
      activesupport (>= 6.1)
    guard (2.18.1)
      formatador (>= 0.2.4)
      listen (>= 2.7, < 4.0)
      lumberjack (>= 1.0.12, < 2.0)
      nenv (~> 0.1)
      notiffany (~> 0.0)
      pry (>= 0.13.0)
      shellany (~> 0.0)
      thor (>= 0.18.1)
    guard-compat (1.2.1)
    guard-rspec (4.7.3)
      guard (~> 2.1)
      guard-compat (~> 1.1)
      rspec (>= 2.99.0, < 4.0)
    hashdiff (1.1.0)
    hashie (5.0.0)
    honeybadger (5.8.0)
    hotwire-livereload (1.4.1)
      actioncable (>= 6.0.0)
      listen (>= 3.0.0)
      railties (>= 6.0.0)
    htmlbeautifier (1.4.3)
    htmlentities (4.3.4)
    i18n (1.14.7)
      concurrent-ruby (~> 1.0)
    importmap-rails (2.1.0)
      actionpack (>= 6.0.0)
      activesupport (>= 6.0.0)
      railties (>= 6.0.0)
    io-console (0.8.0)
    irb (1.15.2)
      pp (>= 0.6.0)
      rdoc (>= 4.0.0)
      reline (>= 0.4.2)
    json (2.7.2)
    jwt (2.8.1)
      base64
    language_server-protocol (3.17.0.3)
    lint_roller (1.1.0)
    listen (3.0.8)
      rb-fsevent (~> 0.9, >= 0.9.4)
      rb-inotify (~> 0.9, >= 0.9.7)
    logger (1.7.0)
    lograge (0.14.0)
      actionpack (>= 4)
      activesupport (>= 4)
      railties (>= 4)
      request_store (~> 1.0)
    logstash-event (1.2.02)
    loofah (2.24.0)
      crass (~> 1.0.2)
      nokogiri (>= 1.12.0)
    lookbook (2.3.8)
      activemodel
      css_parser
      htmlbeautifier (~> 1.3)
      htmlentities (~> 4.3.4)
      marcel (~> 1.0)
      railties (>= 5.0)
      redcarpet (~> 3.5)
      rouge (>= 3.26, < 5.0)
      view_component (>= 2.0)
      yard (~> 0.9)
      zeitwerk (~> 2.5)
    lumberjack (1.2.10)
    mail (2.8.1)
      mini_mime (>= 0.1.1)
      net-imap
      net-pop
      net-smtp
    marcel (1.0.4)
    matrix (0.4.2)
    method_source (1.1.0)
    mini_mime (1.1.5)
    minitest (5.25.5)
    msgpack (1.7.2)
    multi_json (1.15.0)
    multi_xml (0.6.0)
    mustermann (3.0.0)
      ruby2_keywords (~> 0.0.1)
    nenv (0.3.0)
    net-http (0.4.1)
      uri
    net-imap (0.5.6)
      date
      net-protocol
    net-pop (0.1.2)
      net-protocol
    net-protocol (0.2.2)
      timeout
    net-smtp (0.5.1)
      net-protocol
    nio4r (2.7.4)
    nokogiri (1.18.8-aarch64-linux-gnu)
      racc (~> 1.4)
    nokogiri (1.18.8-arm64-darwin)
      racc (~> 1.4)
    nokogiri (1.18.8-x86_64-linux-gnu)
      racc (~> 1.4)
    notiffany (0.1.3)
      nenv (~> 0.1)
      shellany (~> 0.0)
    oauth2 (2.0.9)
      faraday (>= 0.17.3, < 3.0)
      jwt (>= 1.0, < 3.0)
      multi_xml (~> 0.5)
      rack (>= 1.2, < 4)
      snaky_hash (~> 2.0)
      version_gem (~> 1.1)
    omniauth (2.1.2)
      hashie (>= 3.4.6)
      rack (>= 2.2.3)
      rack-protection
    omniauth-oauth2 (1.8.0)
      oauth2 (>= 1.4, < 3)
      omniauth (~> 2.0)
    omniauth-rails_csrf_protection (1.0.1)
      actionpack (>= 4.2)
      omniauth (~> 2.0)
    omniauth-strava (1.0.0)
      omniauth (~> 2.0)
      omniauth-oauth2 (~> 1.0)
    orm_adapter (0.5.0)
    parallel (1.24.0)
    parallel_tests (4.10.1)
      parallel
    parser (3.3.0.5)
      ast (~> 2.4.1)
      racc
    pg (1.5.6)
    pp (0.6.2)
      prettyprint
    prettyprint (0.2.0)
    propshaft (1.1.0)
      actionpack (>= 7.0.0)
      activesupport (>= 7.0.0)
      rack
      railties (>= 7.0.0)
    pry (0.14.2)
      coderay (~> 1.1)
      method_source (~> 1.0)
    psych (5.2.3)
      date
      stringio
    public_suffix (5.0.5)
    puma (6.4.2)
      nio4r (~> 2.0)
    racc (1.8.1)
    rack (3.1.13)
    rack-cors (2.0.2)
      rack (>= 2.0.0)
    rack-mini-profiler (3.3.1)
      rack (>= 1.2.0)
    rack-protection (4.0.0)
      base64 (>= 0.1.0)
      rack (>= 3.0.0, < 4)
    rack-session (2.1.0)
      base64 (>= 0.1.0)
      rack (>= 3.0.0)
    rack-test (2.2.0)
      rack (>= 1.3)
    rackup (2.2.1)
      rack (>= 3)
    rails (8.0.2)
      actioncable (= 8.0.2)
      actionmailbox (= 8.0.2)
      actionmailer (= 8.0.2)
      actionpack (= 8.0.2)
      actiontext (= 8.0.2)
      actionview (= 8.0.2)
      activejob (= 8.0.2)
      activemodel (= 8.0.2)
      activerecord (= 8.0.2)
      activestorage (= 8.0.2)
      activesupport (= 8.0.2)
      bundler (>= 1.15.0)
      railties (= 8.0.2)
    rails-controller-testing (1.0.5)
      actionpack (>= 5.0.1.rc1)
      actionview (>= 5.0.1.rc1)
      activesupport (>= 5.0.1.rc1)
    rails-dom-testing (2.2.0)
      activesupport (>= 5.0.0)
      minitest
      nokogiri (>= 1.6)
    rails-html-sanitizer (1.6.2)
      loofah (~> 2.21)
      nokogiri (>= 1.15.7, != 1.16.7, != 1.16.6, != 1.16.5, != 1.16.4, != 1.16.3, != 1.16.2, != 1.16.1, != 1.16.0.rc1, != 1.16.0)
    railties (8.0.2)
      actionpack (= 8.0.2)
      activesupport (= 8.0.2)
      irb (~> 1.13)
      rackup (>= 1.0.0)
      rake (>= 12.2)
      thor (~> 1.0, >= 1.2.2)
      zeitwerk (~> 2.6)
    rainbow (3.1.1)
    rake (13.2.1)
    rb-fsevent (0.11.2)
    rb-inotify (0.10.1)
      ffi (~> 1.0)
    rdoc (6.13.1)
      psych (>= 4.0.0)
    redcarpet (3.6.1)
    redis (5.2.0)
      redis-client (>= 0.22.0)
    redis-client (0.22.1)
      connection_pool
    regexp_parser (2.9.0)
    reline (0.6.1)
      io-console (~> 0.5)
    request_store (1.6.0)
      rack (>= 1.4)
    rerun (0.14.0)
      listen (~> 3.0)
    responders (3.1.1)
      actionpack (>= 5.2)
      railties (>= 5.2)
    rexml (3.2.6)
    rouge (4.5.1)
    rspec (3.13.0)
      rspec-core (~> 3.13.0)
      rspec-expectations (~> 3.13.0)
      rspec-mocks (~> 3.13.0)
    rspec-core (3.13.0)
      rspec-support (~> 3.13.0)
    rspec-expectations (3.13.0)
      diff-lcs (>= 1.2.0, < 2.0)
      rspec-support (~> 3.13.0)
    rspec-mocks (3.13.0)
      diff-lcs (>= 1.2.0, < 2.0)
      rspec-support (~> 3.13.0)
    rspec-rails (6.1.2)
      actionpack (>= 6.1)
      activesupport (>= 6.1)
      railties (>= 6.1)
      rspec-core (~> 3.13)
      rspec-expectations (~> 3.13)
      rspec-mocks (~> 3.13)
      rspec-support (~> 3.13)
    rspec-support (3.13.1)
    rubocop (1.62.1)
      json (~> 2.3)
      language_server-protocol (>= 3.17.0)
      parallel (~> 1.10)
      parser (>= 3.3.0.2)
      rainbow (>= 2.2.2, < 4.0)
      regexp_parser (>= 1.8, < 3.0)
      rexml (>= 3.2.5, < 4.0)
      rubocop-ast (>= 1.31.1, < 2.0)
      ruby-progressbar (~> 1.7)
      unicode-display_width (>= 2.4.0, < 3.0)
    rubocop-ast (1.31.2)
      parser (>= 3.3.0.4)
    rubocop-performance (1.20.2)
      rubocop (>= 1.48.1, < 2.0)
      rubocop-ast (>= 1.30.0, < 2.0)
    ruby-progressbar (1.13.0)
    ruby2_keywords (0.0.5)
    rubyzip (2.4.1)
    securerandom (0.4.1)
    selenium-webdriver (4.31.0)
      base64 (~> 0.2)
      logger (~> 1.4)
      rexml (~> 3.2, >= 3.2.5)
      rubyzip (>= 1.2.2, < 3.0)
      websocket (~> 1.0)
    shellany (0.0.1)
    sidekiq (7.2.2)
      concurrent-ruby (< 2)
      connection_pool (>= 2.3.0)
      rack (>= 2.2.4)
      redis-client (>= 0.19.0)
    sidekiq-failures (1.0.4)
      sidekiq (>= 4.0.0)
    sinatra (4.0.0)
      mustermann (~> 3.0)
      rack (>= 3.0.0, < 4)
      rack-protection (= 4.0.0)
      rack-session (>= 2.0.0, < 3)
      tilt (~> 2.0)
    snaky_hash (2.0.1)
      hashie
      version_gem (~> 1.1, >= 1.1.1)
    stackprof (0.2.26)
    standard (1.35.1)
      language_server-protocol (~> 3.17.0.2)
      lint_roller (~> 1.0)
      rubocop (~> 1.62.0)
      standard-custom (~> 1.0.0)
      standard-performance (~> 1.3)
    standard-custom (1.0.2)
      lint_roller (~> 1.0)
      rubocop (~> 1.50)
    standard-performance (1.3.1)
      lint_roller (~> 1.1)
      rubocop-performance (~> 1.20.2)
    stimulus-rails (1.3.4)
      railties (>= 6.0.0)
    stringio (3.1.7)
    tailwindcss-rails (4.2.2)
      railties (>= 7.0.0)
      tailwindcss-ruby (~> 4.0)
    tailwindcss-ruby (4.1.3-aarch64-linux-gnu)
    tailwindcss-ruby (4.1.3-arm64-darwin)
    tailwindcss-ruby (4.1.3-x86_64-linux-gnu)
    thor (1.3.2)
    tilt (2.3.0)
    timeout (0.4.3)
    turbo-rails (2.0.13)
      actionpack (>= 7.1.0)
      railties (>= 7.1.0)
    turbo_tests (2.2.5)
      parallel_tests (>= 3.3.0, < 5)
      rspec (>= 3.10)
    tzinfo (2.0.6)
      concurrent-ruby (~> 1.0)
    unicode-display_width (2.5.0)
    uri (1.0.3)
    useragent (0.16.11)
    vcr (6.2.0)
    version_gem (1.1.4)
    view_component (3.21.0)
      activesupport (>= 5.2.0, < 8.1)
      concurrent-ruby (~> 1.0)
      method_source (~> 1.0)
    warden (1.2.9)
      rack (>= 2.0.9)
    webmock (3.23.0)
      addressable (>= 2.8.0)
      crack (>= 0.3.2)
      hashdiff (>= 0.4.0, < 2.0.0)
    websocket (1.2.11)
    websocket-driver (0.7.7)
      base64
      websocket-extensions (>= 0.1.0)
    websocket-extensions (0.1.5)
    xpath (3.2.0)
      nokogiri (~> 1.8)
    yard (0.9.37)
    zeitwerk (2.7.2)

PLATFORMS
  aarch64-linux
  arm64-darwin-22
  arm64-darwin-23
  arm64-darwin-24
  x86_64-linux

DEPENDENCIES
  annotaterb
  bootsnap (>= 1.1.0)
  capybara
  devise
  dockerfile-rails (>= 1.6)
  dotenv-rails
  factory_bot_rails
  faraday
  fast_blank
  flamegraph
  foreman
  guard
  guard-rspec
  honeybadger
  hotwire-livereload (~> 1.4.1)
  htmlbeautifier
  importmap-rails
  listen
  lograge
  logstash-event
  lookbook
  multi_json
  omniauth-rails_csrf_protection (~> 1.0)
  omniauth-strava
  pg
  propshaft
  puma
  rack-cors
  rack-mini-profiler
  rails
  rails-controller-testing
  redis
  rerun
  rspec-rails
  selenium-webdriver
  sidekiq
  sidekiq-failures
  sinatra
  stackprof
  standard
  stimulus-rails
  tailwindcss-rails
  turbo-rails
  turbo_tests
  tzinfo-data
  vcr
  view_component
  webmock

RUBY VERSION
   ruby 3.4.5p51

BUNDLED WITH
   2.4.21
